PATH
  remote: .
  specs:
    vandrake (0.0.1)
      activesupport (~> 4.0.0)

GEM
  remote: https://rubygems.org/
  specs:
    activesupport (4.0.0)
      i18n (~> 0.6, >= 0.6.4)
      minitest (~> 4.2)
      multi_json (~> 1.3)
      thread_safe (~> 0.1)
      tzinfo (~> 0.3.37)
    atomic (1.1.14)
    coveralls (0.6.9)
      multi_json (~> 1.3)
      rest-client
      simplecov (>= 0.7)
      term-ansicolor
      thor
    diff-lcs (1.2.4)
    fuubar (1.2.1)
      rspec (~> 2.0)
      rspec-instafail (~> 0.2.0)
      ruby-progressbar (~> 1.0)
    i18n (0.6.5)
    mime-types (1.25)
    minitest (4.7.5)
    multi_json (1.8.0)
    rake (10.1.0)
    rest-client (1.6.7)
      mime-types (>= 1.16)
    rspec (2.14.1)
      rspec-core (~> 2.14.0)
      rspec-expectations (~> 2.14.0)
      rspec-mocks (~> 2.14.0)
    rspec-core (2.14.5)
    rspec-expectations (2.14.3)
      diff-lcs (>= 1.1.3, < 2.0)
    rspec-instafail (0.2.4)
    rspec-mocks (2.14.3)
    ruby-progressbar (1.2.0)
    simplecov (0.7.1)
      multi_json (~> 1.0)
      simplecov-html (~> 0.7.1)
    simplecov-html (0.7.1)
    term-ansicolor (1.2.2)
      tins (~> 0.8)
    thor (0.18.1)
    thread_safe (0.1.3)
      atomic
    timecop (0.6.3)
    tins (0.10.0)
    tzinfo (0.3.37)
    yard (0.8.7.2)

PLATFORMS
  ruby

DEPENDENCIES
  coveralls (~> 0.6.7)
  fuubar (~> 1.2.1)
  rake (~> 10.1.0)
  rspec (~> 2.14.1)
  simplecov (~> 0.7.1)
  timecop (~> 0.6.3)
  vandrake!
  yard (~> 0.8.7)
